GEM
  remote: https://rubygems.org/
  specs:
    parallel (1.20.1)

PLATFORMS
  ruby

DEPENDENCIES
  parallel

BUNDLED WITH
   2.1.4
